GEM
  remote: https://rubygems.org/
  specs:
    autoprefixer-rails (2.2.0.20140804)
      execjs
    colorator (0.1)
    colored (1.2)
    configure-s3-website (1.7.1)
      deep_merge (= 1.0.0)
    css_press (0.3.2)
      csspool-st (= 3.1.2)
      json
    csspool-st (3.1.2)
    deep_merge (1.0.0)
    dotenv (1.0.2)
    execjs (2.6.0)
    ffi (1.9.10)
    html_press (0.8.2)
      htmlentities
      multi_css (>= 0.1.0)
      multi_js (>= 0.1.0)
    htmlentities (4.3.4)
    jekyll (3.0.1)
      colorator (~> 0.1)
      jekyll-sass-converter (~> 1.0)
      jekyll-watch (~> 1.1)
      kramdown (~> 1.3)
      liquid (~> 3.0)
      mercenary (~> 0.3.3)
      rouge (~> 1.7)
      safe_yaml (~> 1.0)
    jekyll-press (0.2.1)
      html_press (>= 0.8.2)
      jekyll
      multi_css (>= 0.1.0)
      multi_js (>= 0.1.0)
    jekyll-sass-converter (1.3.0)
      sass (~> 3.2)
    jekyll-watch (1.3.0)
      listen (~> 3.0)
    json (1.8.3)
    kramdown (1.9.0)
    liquid (3.0.6)
    listen (3.0.5)
      rb-fsevent (>= 0.9.3)
      rb-inotify (>= 0.9)
    mercenary (0.3.5)
    multi_css (0.1.0)
      css_press
    multi_js (0.1.0)
      uglifier (~> 2)
    octopress-autoprefixer (1.0.1)
      autoprefixer-rails (~> 2.2)
      jekyll (>= 2.0)
      octopress-hooks (~> 2.0)
    octopress-hooks (2.6.1)
      jekyll (>= 2.0)
    rb-fsevent (0.9.6)
    rb-inotify (0.9.5)
      ffi (>= 0.5.0)
    rdiscount (2.1.8)
    rouge (1.10.1)
    s3_website (2.12.1)
      colored (= 1.2)
      configure-s3-website (= 1.7.1)
      dotenv (~> 1.0)
      thor (~> 0.18)
    safe_yaml (1.0.4)
    sass (3.4.19)
    thor (0.19.1)
    uglifier (2.7.2)
      execjs (>= 0.3.0)
      json (>= 1.8.0)

PLATFORMS
  ruby

DEPENDENCIES
  jekyll (~> 3.0)
  jekyll-press (~> 0.2)
  octopress-autoprefixer (~> 1.0)
  rdiscount (~> 2.1)
  s3_website (~> 2.12)

BUNDLED WITH
   1.10.6
